GEM
  remote: https://rubygems.org/
  specs:
    minitest (5.17.0)
    ruby2d (0.9.5)

PLATFORMS
  x64-mingw32

DEPENDENCIES
  minitest (~> 5.17)
  ruby2d (~> 0.9.2)

BUNDLED WITH
   2.2.22
